GEM
  specs:
    shoulda (2.11.3)

PLATFORMS
  ruby

DEPENDENCIES
  shoulda
